GEM
  remote: https://rubygems.org/
  specs:
    ast (2.3.0)
    parser (2.4.0.0)
      ast (~> 2.2)
    pg (0.19.0)
    powerpack (0.1.1)
    rack (1.6.5)
    rack-protection (1.5.3)
      rack
    rainbow (2.2.1)
    rake (12.0.0)
    redis (3.3.3)
    rubocop (0.47.1)
      parser (>= 2.3.3.1, < 3.0)
      powerpack (~> 0.1)
      rainbow (>= 1.99.1, < 3.0)
      ruby-progressbar (~> 1.7)
      unicode-display_width (~> 1.0, >= 1.0.1)
    ruby-progressbar (1.8.1)
    sinatra (1.4.8)
      rack (~> 1.5)
      rack-protection (~> 1.4)
      tilt (>= 1.3, < 3)
    sinatra-cross_origin (0.4.0)
    tilt (2.0.6)
    unicode-display_width (1.1.3)

PLATFORMS
  ruby

DEPENDENCIES
  pg
  rack
  rake
  redis (~> 3.2)
  rubocop
  sinatra
  sinatra-cross_origin

BUNDLED WITH
   1.14.5
